GEM
  remote: http://rubygems.org/
  specs:
    RedCloth (4.2.9)
    RedCloth (4.2.9-x86-mingw32)
    addressable (2.3.2)
    albino (1.3.3)
      posix-spawn (>= 0.3.6)
    chunky_png (1.2.6)
    classifier (1.3.3)
      fast-stemmer (>= 1.0.0)
    compass (0.12.2)
      chunky_png (~> 1.2)
      fssm (>= 0.2.7)
      sass (~> 3.1)
    daemons (1.1.9)
    directory_watcher (1.4.1)
    eventmachine (1.0.0.rc.4)
    eventmachine (1.0.0.rc.4-x86-mingw32)
    excon (0.16.1)
    fast-stemmer (1.0.1)
    fssm (0.2.9)
    haml (3.1.7)
    heroku (2.30.4)
      heroku-api (~> 0.3.4)
      launchy (>= 0.3.2)
      netrc (~> 0.7.7)
      rest-client (~> 1.6.1)
      rubyzip
    heroku-api (0.3.4)
      excon (~> 0.16.1)
    jekyll (0.11.2)
      albino (~> 1.3)
      classifier (~> 1.3)
      directory_watcher (~> 1.1)
      kramdown (~> 0.13)
      liquid (~> 2.3)
      maruku (~> 0.5)
    kramdown (0.13.7)
    launchy (2.1.2)
      addressable (~> 2.3)
    liquid (2.4.1)
    maruku (0.6.0)
      syntax (>= 1.0.0)
    mime-types (1.19)
    netrc (0.7.7)
    posix-spawn (0.3.6)
    rack (1.4.1)
    rake (0.9.2.2)
    rb-fsevent (0.9.1)
    rdiscount (1.6.8)
    rest-client (1.6.7)
      mime-types (>= 1.16)
    rubypants (0.2.0)
    rubyzip (0.9.9)
    sass (3.2.1)
    sinatra (1.2.6)
      rack (~> 1.1)
      tilt (>= 1.2.2, < 2.0)
    stringex (1.4.0)
    syntax (1.0.0)
    thin (1.4.1)
      daemons (>= 1.0.9)
      eventmachine (>= 0.12.6)
      rack (>= 1.0.0)
    tilt (1.3.3)

PLATFORMS
  ruby
  x86-mingw32

DEPENDENCIES
  RedCloth
  compass
  eventmachine (= 1.0.0.rc.4)
  haml (>= 3.1)
  heroku
  jekyll
  liquid
  rack
  rake
  rb-fsevent
  rdiscount
  rubypants
  sinatra (= 1.2.6)
  stringex
  thin
